GEM
  remote: https://rubygems.org/
  specs:
    builder (3.2.2)
    coderay (1.1.0)
    jenkins_api_client (1.4.2)
      json
      mixlib-shellout (>= 1.1.0)
      nokogiri (~> 1.6.0)
      terminal-table (>= 1.4.0)
      thor (>= 0.16.0)
    json (1.8.2)
    method_source (0.8.2)
    mini_portile (0.6.2)
    minitest (5.4.3)
    mixlib-shellout (2.0.1)
    nokogiri (1.6.6.2)
      mini_portile (~> 0.6.0)
    opennebula (4.12.0)
      json
      nokogiri
      rbvmomi
    pry (0.10.1)
      coderay (~> 1.1.0)
      method_source (~> 0.8.1)
      slop (~> 3.4)
    rack (1.6.4)
    rack-protection (1.5.3)
      rack
    rake (10.4.2)
    rbvmomi (1.8.2)
      builder
      nokogiri (>= 1.4.1)
      trollop
    sinatra (1.4.6)
      rack (~> 1.4)
      rack-protection (~> 1.4)
      tilt (>= 1.3, < 3)
    slop (3.6.0)
    terminal-table (1.4.5)
    thor (0.19.1)
    tilt (2.0.1)
    trollop (2.1.2)

PLATFORMS
  ruby

DEPENDENCIES
  jenkins_api_client
  minitest
  opennebula
  pry
  rake
  sinatra
  trollop

BUNDLED WITH
   1.10.6
